PATH
  remote: .
  specs:
    xml-parser (0.1.0)

GEM
  remote: https://rubygems.org/
  specs:
    mini_portile2 (2.3.0)
    minitest (5.10.3)
    nokogiri (1.8.1)
      mini_portile2 (~> 2.3.0)
    nokogiri-happymapper (0.6.0)
      nokogiri (~> 1.5)
    rake (10.5.0)
    sax-machine (1.3.2)

PLATFORMS
  ruby

DEPENDENCIES
  bundler (~> 1.16)
  minitest (~> 5.0)
  nokogiri (~> 1.6)
  nokogiri-happymapper
  rake (~> 10.0)
  sax-machine
  xml-parser!

BUNDLED WITH
   1.16.0
